GEM
  remote: https://rubygems.org/
  specs:
    mime-types (2.0)
    multi_json (1.8.2)
    rest-client (1.6.7)
      mime-types (>= 1.16)
    stripe (1.8.8)
      multi_json (>= 1.0.4, < 2)
      rest-client (~> 1.4)

PLATFORMS
  ruby

DEPENDENCIES
  stripe
